GEM
  remote: http://rubygems.org/
  specs:
    haml (3.1.4)
    rack (1.6.13)
    rack-protection (1.5.5)
      rack
    sequel (3.31.0)
    sinatra (1.3.2)
      rack (~> 1.3, >= 1.3.6)
      rack-protection (~> 1.2)
      tilt (~> 1.3, >= 1.3.3)
    tilt (1.3.3)

PLATFORMS
  ruby

DEPENDENCIES
  haml
  sequel
  sinatra
